GEM
  remote: https://rubygems.org/
  specs:
    coderay (1.1.3)
    gruff (0.19.0)
      histogram
      rmagick (>= 4.2)
    histogram (0.2.4.1)
    method_source (1.0.0)
    pkg-config (1.5.1)
    pry (0.14.1)
      coderay (~> 1.1)
      method_source (~> 1.0)
    rmagick (5.1.0)
      pkg-config (~> 1.4)
    terminal-table (3.0.2)
      unicode-display_width (>= 1.1.1, < 3)
    unicode-display_width (2.3.0)

PLATFORMS
  x86_64-darwin-21

DEPENDENCIES
  gruff
  pry
  terminal-table

BUNDLED WITH
   2.2.15
